GEM
  remote: https://rubygems.org/
  specs:
    bacon (1.2.0)
    docile (1.1.5)
    json (1.8.3)
    metaclass (0.0.4)
    mocha (1.1.0)
      metaclass (~> 0.0.1)
    simplecov (0.11.1)
      docile (~> 1.1.0)
      json (~> 1.8)
      simplecov-html (~> 0.10.0)
    simplecov-html (0.10.0)

PLATFORMS
  ruby

DEPENDENCIES
  bacon
  mocha
  simplecov

BUNDLED WITH
   1.10.6
